GEM
  remote: https://rubygems.org/
  specs:
    builder (3.2.3)
    coderay (1.1.2)
    concurrent-ruby (1.1.5)
    connection_pool (2.2.2)
    ebnf (1.1.3)
      rdf (~> 3.0)
      sxp (~> 1.0)
    equivalent-xml (0.6.0)
      nokogiri (>= 1.4.3)
    hamster (3.0.0)
      concurrent-ruby (~> 1.0)
    htmlentities (4.3.4)
    jsonpath (1.0.1)
      multi_json
      to_regexp (~> 0.2.1)
    link_header (0.0.8)
    method_source (0.9.2)
    mini_portile2 (2.8.5)
    multi_json (1.13.1)
    net-http-persistent (3.0.1)
      connection_pool (~> 2.2)
    nokogiri (1.16.2)
      mini_portile2 (~> 2.8.2)
      racc (~> 1.4)
    pry (0.12.2)
      coderay (~> 1.1.0)
      method_source (~> 0.9.0)
    racc (1.7.3)
    rdf (3.0.12)
      hamster (~> 3.0)
      link_header (~> 0.0, >= 0.0.8)
    rdf-aggregate-repo (2.2.1)
      rdf (>= 2.2, < 4.0)
    rdf-xsd (3.0.1)
      rdf (~> 3.0)
    sparql (3.0.2)
      builder (~> 3.2)
      ebnf (~> 1.1)
      rdf (~> 3.0)
      rdf-aggregate-repo (>= 2.2, < 4.0)
      rdf-xsd (~> 3.0)
      sparql-client (~> 3.0)
      sxp (~> 1.0)
    sparql-client (3.0.1)
      net-http-persistent (>= 2.9, < 4)
      rdf (~> 3.0)
    sxp (1.0.2)
      rdf (~> 3.0)
    to_regexp (0.2.1)

PLATFORMS
  ruby

DEPENDENCIES
  equivalent-xml
  htmlentities
  jsonpath
  nokogiri
  pry
  rdf
  sparql
  sparql-client

BUNDLED WITH
   2.4.13
